GEM
  remote: https://rubygems.org/
  specs:
    addressable (2.7.0)
      public_suffix (>= 2.0.2, < 5.0)
    mini_portile2 (2.4.0)
    nokogiri (1.10.9)
      mini_portile2 (~> 2.4.0)
    open_uri_redirections (0.2.1)
    public_suffix (4.0.5)

PLATFORMS
  ruby

DEPENDENCIES
  addressable (~> 2.7)
  nokogiri
  open_uri_redirections

BUNDLED WITH
   2.1.4
